GEM
  remote: https://rubygems.org/
  specs:
    addressable (2.6.0)
      public_suffix (>= 2.0.2, < 4.0)
    aws-sdk (2.10.47)
      aws-sdk-resources (= 2.10.47)
    aws-sdk-core (2.10.47)
      aws-sigv4 (~> 1.0)
      jmespath (~> 1.0)
    aws-sdk-resources (2.10.47)
      aws-sdk-core (= 2.10.47)
    aws-sigv4 (1.0.2)
    colorator (1.1.0)
    colored (1.2)
    commonjs (0.2.7)
    configure-s3-website (2.2.0)
      aws-sdk (~> 2)
      deep_merge (~> 1.0.0)
    deep_merge (1.0.1)
    dotenv (1.0.2)
    ffi (1.11.1)
    forwardable-extended (2.6.0)
    jekyll (3.6.3)
      addressable (~> 2.4)
      colorator (~> 1.0)
      jekyll-sass-converter (~> 1.0)
      jekyll-watch (~> 1.1)
      kramdown (~> 1.14)
      liquid (~> 4.0)
      mercenary (~> 0.3.3)
      pathutil (~> 0.9)
      rouge (>= 1.7, < 3)
      safe_yaml (~> 1.0)
    jekyll-paginate (1.1.0)
    jekyll-redirect-from (0.12.1)
      jekyll (~> 3.3)
    jekyll-sass-converter (1.5.2)
      sass (~> 3.4)
    jekyll-sitemap (1.1.1)
      jekyll (~> 3.3)
    jekyll-watch (1.5.1)
      listen (~> 3.0)
    jmespath (1.3.1)
    kramdown (1.17.0)
    less (2.6.0)
      commonjs (~> 0.2.7)
    libv8 (3.16.14.19)
    liquid (4.0.3)
    listen (3.1.5)
      rb-fsevent (~> 0.9, >= 0.9.4)
      rb-inotify (~> 0.9, >= 0.9.7)
      ruby_dep (~> 1.2)
    mercenary (0.3.6)
    pathutil (0.16.2)
      forwardable-extended (~> 2.6)
    public_suffix (3.1.1)
    rb-fsevent (0.10.3)
    rb-inotify (0.10.0)
      ffi (~> 1.0)
    ref (2.0.0)
    rouge (2.2.1)
    ruby_dep (1.5.0)
    s3_website (3.3.0)
      colored (= 1.2)
      configure-s3-website (= 2.2.0)
      dotenv (~> 1.0)
      thor (~> 0.18)
    safe_yaml (1.0.5)
    sass (3.7.4)
      sass-listen (~> 4.0.0)
    sass-listen (4.0.0)
      rb-fsevent (~> 0.9, >= 0.9.4)
      rb-inotify (~> 0.9, >= 0.9.7)
    therubyracer (0.12.3)
      libv8 (~> 3.16.14.15)
      ref
    thor (0.20.0)

PLATFORMS
  ruby

DEPENDENCIES
  jekyll (= 3.6.3)
  jekyll-paginate (= 1.1.0)
  jekyll-redirect-from (= 0.12.1)
  jekyll-sitemap (= 1.1.1)
  less (= 2.6.0)
  s3_website (= 3.3.0)
  therubyracer (= 0.12.3)

BUNDLED WITH
   1.17.3
